PATH
  remote: .
  specs:
    br_danfe (0.11.1)
      barby (= 0.5.1)
      br_documents (>= 0.0.15)
      i18n (>= 0.8.6)
      nokogiri (>= 1.8)
      prawn (= 2.1.0)
      prawn-table (= 0.2.2)

GEM
  remote: https://rubygems.org/
  specs:
    activemodel (6.0.0)
      activesupport (= 6.0.0)
    activesupport (6.0.0)
      concurrent-ruby (~> 1.0, >= 1.0.2)
      i18n (>= 0.7, < 2)
      minitest (~> 5.1)
      tzinfo (~> 1.1)
      zeitwerk (~> 2.1, >= 2.1.8)
    barby (0.5.1)
    br_documents (0.1.2)
      activemodel (>= 4.0.0)
      i18n (>= 0.6.5)
    byebug (3.5.1)
      columnize (~> 0.8)
      debugger-linecache (~> 1.2)
      slop (~> 3.6)
    columnize (0.9.0)
    concurrent-ruby (1.1.5)
    debugger-linecache (1.2.0)
    diff-lcs (1.3)
    docile (1.3.2)
    i18n (1.7.0)
      concurrent-ruby (~> 1.0)
    json (2.2.0)
    mini_portile2 (2.4.0)
    minitest (5.12.2)
    nokogiri (1.10.8)
      mini_portile2 (~> 2.4.0)
    pdf-core (0.6.1)
    prawn (2.1.0)
      pdf-core (~> 0.6.1)
      ttfunk (~> 1.4.0)
    prawn-table (0.2.2)
      prawn (>= 1.3.0, < 3.0.0)
    rake (12.0.0)
    rspec (3.6.0)
      rspec-core (~> 3.6.0)
      rspec-expectations (~> 3.6.0)
      rspec-mocks (~> 3.6.0)
    rspec-core (3.6.0)
      rspec-support (~> 3.6.0)
    rspec-expectations (3.6.0)
      diff-lcs (>= 1.2.0, < 2.0)
      rspec-support (~> 3.6.0)
    rspec-mocks (3.6.0)
      diff-lcs (>= 1.2.0, < 2.0)
      rspec-support (~> 3.6.0)
    rspec-support (3.6.0)
    simplecov (0.17.0)
      docile (~> 1.1)
      json (>= 1.8, < 3)
      simplecov-html (~> 0.10.0)
    simplecov-html (0.10.1)
    slop (3.6.0)
    thread_safe (0.3.6)
    ttfunk (1.4.0)
    tzinfo (1.2.5)
      thread_safe (~> 0.1)
    zeitwerk (2.1.10)

PLATFORMS
  ruby

DEPENDENCIES
  br_danfe!
  byebug (= 3.5.1)
  rake (= 12.0.0)
  rspec (= 3.6.0)
  simplecov (= 0.17.0)
  simplecov-html (= 0.10.1)

BUNDLED WITH
   1.17.3
